GEM
  remote: http://rubygems.org/
  specs:
    choice (0.1.4)
    json (1.5.1)
    rack (1.2.1)
    sinatra (1.2.0)
      rack (~> 1.1)
      tilt (< 2.0, >= 1.2.2)
    tilt (1.2.2)

PLATFORMS
  ruby

DEPENDENCIES
  choice
  json
  sinatra
